GEM
  remote: https://rubygems.org/
  specs:
    jmonkeyengine (0.1.0)

PLATFORMS
  ruby

DEPENDENCIES
  jmonkeyengine

BUNDLED WITH
   1.10.6
